GEM
  remote: https://rubygems.org/
  specs:
    pebbles-lovelive (0.2.0)
      thor
    rack (1.5.2)
    rack-protection (1.5.3)
      rack
    sinatra (1.4.5)
      rack (~> 1.4)
      rack-protection (~> 1.4)
      tilt (~> 1.3, >= 1.3.4)
    thor (0.19.1)
    tilt (1.4.1)

PLATFORMS
  ruby

DEPENDENCIES
  pebbles-lovelive
  sinatra
